GEM
  remote: https://rubygems.org/
  specs:
    colorize (0.8.1)
    date (3.3.3)
    mini_portile2 (2.8.1)
    sqlite3 (1.5.4)
      mini_portile2 (~> 2.8.0)

PLATFORMS
  arm64-darwin-24
  x86_64-darwin-22

DEPENDENCIES
  colorize
  date
  sqlite3

RUBY VERSION
   ruby 3.4.1p0

BUNDLED WITH
   2.3.25
